PATH
  remote: .
  specs:
    aniruby (0.2.2)
      gosu (>= 1.4.6)

GEM
  remote: https://rubygems.org/
  specs:
    ansi (1.5.0)
    builder (3.2.4)
    gosu (1.4.6)
    minitest (5.17.0)
    minitest-reporters (1.6.1)
      ansi
      builder
      minitest (>= 5.0)
      ruby-progressbar
    rake (13.0.6)
    ruby-progressbar (1.13.0)

PLATFORMS
  x86_64-linux

DEPENDENCIES
  aniruby!
  minitest (~> 5.17.0)
  minitest-reporters (~> 1.6.0)
  rake (~> 13.0.0)

BUNDLED WITH
   2.4.19
